PATH
  remote: .
  specs:
    middleman-async-assets (0.1.0)

GEM
  remote: http://rubygems.org/
  specs:

PLATFORMS
  ruby

DEPENDENCIES
  middleman-async-assets!
